GEM
  remote: https://rubygems.org/
  specs:
    CFPropertyList (3.0.7)
      base64
      nkf
      rexml
    android_parser (2.7.0)
      rexml (> 3.0)
      rubyzip (>= 1.0, < 3.0)
    app-info (3.2.0)
      CFPropertyList (>= 2.3.4, < 3.1.0)
      android_parser (>= 2.7, < 3.0)
      base64 (~> 0.2.0)
      google-protobuf (>= 4.27.1, < 5.0.0)
      icns (~> 0.2.0)
      image_size (>= 1.5, < 3.5)
      nkf (~> 0.2.0)
      pedump (~> 0.6.2)
      ruby-macho (>= 1.4, < 5)
      rubyzip (>= 1.2, < 3.0)
      uuidtools (>= 2.1.5, < 2.3.0)
    awesome_print (1.9.2)
    base64 (0.2.0)
    bigdecimal (3.1.8)
    google-protobuf (4.28.3)
      bigdecimal
      rake (>= 13)
    google-protobuf (4.28.3-aarch64-linux)
      bigdecimal
      rake (>= 13)
    google-protobuf (4.28.3-arm64-darwin)
      bigdecimal
      rake (>= 13)
    google-protobuf (4.28.3-x86-linux)
      bigdecimal
      rake (>= 13)
    google-protobuf (4.28.3-x86_64-darwin)
      bigdecimal
      rake (>= 13)
    google-protobuf (4.28.3-x86_64-linux)
      bigdecimal
      rake (>= 13)
    icns (0.2.0)
    image_size (3.4.0)
    iostruct (0.2.0)
    js (2.6.2)
    multipart-post (2.4.1)
    nkf (0.2.0)
    pedump (0.6.10)
      awesome_print
      iostruct (>= 0.0.4)
      multipart-post (>= 2.0.0)
      rainbow
      zhexdump (>= 0.0.2)
    rainbow (3.1.1)
    rake (13.2.1)
    rexml (3.3.9)
    ruby-macho (4.1.0)
    ruby_wasm (2.6.2)
    ruby_wasm (2.6.2-aarch64-linux)
    ruby_wasm (2.6.2-aarch64-linux-musl)
    ruby_wasm (2.6.2-arm64-darwin)
    ruby_wasm (2.6.2-x86_64-darwin)
    ruby_wasm (2.6.2-x86_64-linux)
    ruby_wasm (2.6.2-x86_64-linux-musl)
    rubyzip (2.3.2)
    uuidtools (2.2.0)
    zhexdump (0.2.0)

PLATFORMS
  aarch64-linux
  aarch64-linux-musl
  arm64-darwin
  ruby
  x86-linux
  x86_64-darwin
  x86_64-linux
  x86_64-linux-musl

DEPENDENCIES
  app-info
  js (~> 2.6)
  ruby_wasm (~> 2.6)

BUNDLED WITH
   2.5.22
